PATH
  remote: .
  specs:
    bic-finder (0.0.0)
      iso-iban (~> 0.1, >= 0.1.0)
      roo (~> 2.7, >= 2.7.0)
      rubyzip (~> 1.0, >= 1.0.0)
      smarter_csv (~> 1.2, >= 1.2.5)

GEM
  remote: https://rubygems.org/
  specs:
    addressable (2.5.2)
      public_suffix (>= 2.0.2, < 4.0)
    crack (0.4.3)
      safe_yaml (~> 1.0.0)
    hashdiff (0.3.7)
    iso-iban (0.1.3)
    mini_portile2 (2.3.0)
    minitest (5.11.3)
    nokogiri (1.8.5)
      mini_portile2 (~> 2.3.0)
    public_suffix (3.0.3)
    rake (10.5.0)
    roo (2.7.1)
      nokogiri (~> 1)
      rubyzip (~> 1.1, < 2.0.0)
    rubyzip (1.2.2)
    safe_yaml (1.0.4)
    smarter_csv (1.2.5)
    vcr (4.0.0)
    webmock (3.4.2)
      addressable (>= 2.3.6)
      crack (>= 0.3.2)
      hashdiff

PLATFORMS
  ruby

DEPENDENCIES
  bic-finder!
  minitest (~> 5.11, >= 5.11.0)
  rake (~> 10.0, >= 10.0.0)
  vcr (~> 4.0, >= 4.0.0)
  webmock (~> 3.4, >= 3.4.0)

BUNDLED WITH
   1.16.2
