PATH
  remote: .
  specs:
    bic-finder (0.0.0)
      iso-iban (~> 0.1, >= 0.1.0)
      roo (~> 2.8.2, >= 2.8.2)
      rubyzip (~> 1.2, >= 1.0.0)
      smarter_csv (~> 1.2, >= 1.2.5)

GEM
  remote: https://rubygems.org/
  specs:
    addressable (2.7.0)
      public_suffix (>= 2.0.2, < 5.0)
    crack (0.4.3)
      safe_yaml (~> 1.0.0)
    hashdiff (1.0.1)
    iso-iban (0.1.3)
    mini_portile2 (2.8.0)
    minitest (5.14.0)
    nokogiri (1.13.3)
      mini_portile2 (~> 2.8.0)
      racc (~> 1.4)
    public_suffix (4.0.3)
    racc (1.6.0)
    rake (12.3.3)
    roo (2.8.3)
      nokogiri (~> 1)
      rubyzip (>= 1.3.0, < 3.0.0)
    rubyzip (1.3.0)
    safe_yaml (1.0.5)
    smarter_csv (1.2.6)
    vcr (5.1.0)
    webmock (3.8.2)
      addressable (>= 2.3.6)
      crack (>= 0.3.2)
      hashdiff (>= 0.4.0, < 2.0.0)

PLATFORMS
  ruby

DEPENDENCIES
  bic-finder!
  minitest (~> 5.11, >= 5.11.0)
  rake (~> 12.0, >= 10.0.0)
  vcr (~> 5.0, >= 4.0.0)
  webmock (~> 3.6, >= 3.4.0)

BUNDLED WITH
   1.17.2
